GEM
  remote: https://rubygems.org/
  specs:
    ascii_charts (0.9.1)
    imdb (0.8.2)
      nokogiri (= 1.6.2.1)
    mini_portile (0.6.0)
    nokogiri (1.6.2.1-x86-mingw32)
      mini_portile (= 0.6.0)

PLATFORMS
  x86-mingw32

DEPENDENCIES
  ascii_charts
  imdb
